GEM
  remote: http://rubygems.org/
  specs:
    RedCloth (4.2.3)
    rack (1.2.1)
    shotgun (0.8)
      rack (>= 1.0)
    sinatra (1.1.2)
      rack (~> 1.1)
      tilt (~> 1.2)
    tilt (1.2.2)

PLATFORMS
  ruby

DEPENDENCIES
  RedCloth
  shotgun
  sinatra
